PATH
  remote: .
  specs:
    nachos (0.0.6)
      boson
      octokit (= 1.0.0)

GEM
  remote: http://rubygems.org/
  specs:
    addressable (2.2.7)
    bahia (0.6.0)
      open4 (~> 1.3.0)
    boson (1.2.0)
    diff-lcs (1.1.3)
    faraday (0.7.6)
      addressable (~> 2.2)
      multipart-post (~> 1.1)
      rack (~> 1.1)
    faraday_middleware (0.8.6)
      faraday (>= 0.7.4, < 0.9)
      faraday (>= 0.7.4, < 0.9)
    hashie (1.2.0)
    multi_json (1.1.0)
    multipart-post (1.1.5)
    octokit (1.0.0)
      addressable (~> 2.2)
      faraday (~> 0.7)
      faraday_middleware (~> 0.8)
      hashie (~> 1.2)
      multi_json (~> 1.0)
    open4 (1.3.0)
    rack (1.4.1)
    rake (0.9.2.2)
    rspec (2.9.0)
      rspec-core (~> 2.9.0)
      rspec-expectations (~> 2.9.0)
      rspec-mocks (~> 2.9.0)
    rspec-core (2.9.0)
    rspec-expectations (2.9.0)
      diff-lcs (~> 1.1.3)
    rspec-mocks (2.9.0)

PLATFORMS
  ruby

DEPENDENCIES
  bahia
  nachos!
  rake (~> 0.9.2)
  rspec (~> 2.9)
