PATH
  remote: .
  specs:
    nachos (0.0.6)
      git-hub (= 1.4.1)
      octopussy
      thor

GEM
  remote: http://rubygems.org/
  specs:
    crack (0.1.8)
    diff-lcs (1.1.2)
    faker (0.9.5)
      i18n (~> 0.4)
    fakeweb (1.3.0)
    git-hub (1.4.1)
    hashie (0.4.0)
    httparty (0.6.1)
      crack (= 0.1.8)
    i18n (0.5.0)
    log_buddy (0.6.0)
    mocha (0.9.12)
    octopussy (0.3.1)
      hashie (~> 0.4.0)
      httparty (~> 0.6.1)
    rake (0.8.7)
    rspec (2.5.0)
      rspec-core (~> 2.5.0)
      rspec-expectations (~> 2.5.0)
      rspec-mocks (~> 2.5.0)
    rspec-core (2.5.1)
    rspec-expectations (2.5.0)
      diff-lcs (~> 1.1.2)
    rspec-mocks (2.5.0)
    thor (0.14.6)

PLATFORMS
  ruby

DEPENDENCIES
  faker
  fakeweb
  log_buddy
  mocha
  nachos!
  rake
  rspec (~> 2.4)
