PATH
  remote: .
  specs:
    nachos (0.0.6)
      boson
      git-hub (= 1.4.1)
      octopussy

GEM
  remote: http://rubygems.org/
  specs:
    bahia (0.6.0)
      open4 (~> 1.3.0)
    boson (1.1.1)
    crack (0.1.8)
    diff-lcs (1.1.3)
    faker (0.9.5)
      i18n (~> 0.4)
    fakeweb (1.3.0)
    git-hub (1.4.1)
    guard (0.8.8)
      thor (~> 0.14.6)
    guard-rspec (0.5.0)
      guard (>= 0.8.4)
    hashie (0.4.0)
    httparty (0.6.1)
      crack (= 0.1.8)
    i18n (0.5.0)
    log_buddy (0.6.0)
    mocha (0.9.12)
    octopussy (0.3.1)
      hashie (~> 0.4.0)
      httparty (~> 0.6.1)
    open4 (1.3.0)
    rake (0.9.2.2)
    rb-fsevent (0.9.0)
    rspec (2.8.0)
      rspec-core (~> 2.8.0)
      rspec-expectations (~> 2.8.0)
      rspec-mocks (~> 2.8.0)
    rspec-core (2.8.0)
    rspec-expectations (2.8.0)
      diff-lcs (~> 1.1.2)
    rspec-mocks (2.8.0)
    thor (0.14.6)

PLATFORMS
  ruby

DEPENDENCIES
  bahia
  faker
  fakeweb
  guard
  guard-rspec
  log_buddy
  mocha
  nachos!
  rake (~> 0.9)
  rb-fsevent
  rspec (~> 2.8)
